GIT
  remote: https://github.com/CamAnNguyen/rdkit_chem
  revision: fbe5fe545241ee2fbea00c4c6b6fa387e85f7102
  specs:
    rdkit_chem (2020.04.30.1)

PATH
  remote: .
  specs:
    chem_scanner (0.1.3)
      chronic_duration (>= 0.10)
      nokogiri (>= 1.8)
      rdkit_chem
      ruby-geometry (>= 0.0.6)
      ruby-ole (>= 1.2)

GEM
  remote: https://rubygems.org/
  specs:
    activesupport (6.1.7)
      concurrent-ruby (~> 1.0, >= 1.0.2)
      i18n (>= 1.6, < 2)
      minitest (>= 5.1)
      tzinfo (~> 2.0)
      zeitwerk (~> 2.3)
    ast (2.4.2)
    awesome_print (1.9.2)
    binding.repl (3.0.0)
    byebug (11.1.3)
    cd (1.0.1)
    chronic_duration (0.10.6)
      numerizer (~> 0.1.1)
    clipboard (1.3.6)
    code (0.9.3)
      coderay (~> 1.1)
      method_source (>= 0.9, < 2.0)
    coderay (1.1.3)
    concurrent-ruby (1.1.10)
    debugging (1.1.2)
      binding.repl (~> 3.0)
      paint (>= 0.9, < 3.0)
    diff-lcs (1.5.0)
    every_day_irb (2.1.1)
      cd (~> 1.0)
    fancy_irb (1.4.3)
      paint (>= 0.9, < 3.0)
      unicode-display_width (>= 1.1)
    ffi (1.15.5)
    hirb (0.7.3)
    i18n (1.12.0)
      concurrent-ruby (~> 1.0)
    interactive_editor (0.0.11)
      spoon (>= 0.0.1)
    io-console (0.5.11)
    irb (1.4.2)
      reline (>= 0.3.0)
    irbtools (3.0.5)
      binding.repl (~> 3.0)
      clipboard (~> 1.3)
      code (>= 0.9.2, < 2.0)
      coderay (~> 1.1)
      debugging (~> 1.1)
      every_day_irb (~> 2.0)
      fancy_irb (~> 1.2, >= 1.2.1)
      hirb (~> 0.7, >= 0.7.3)
      interactive_editor (~> 0.0, >= 0.0.10)
      irb (>= 0.9.6)
      methodfinder (~> 2.2, >= 2.2.2)
      object_shadow (~> 1.1)
      ori (~> 0.1.0)
      os
      paint (>= 0.9, < 3.0)
      ruby_engine (~> 1.0)
      ruby_info (~> 1.0)
      ruby_version (~> 1.0)
      wirb (~> 2.0, >= 2.2.1)
    json (2.6.2)
    memoist (0.16.2)
    method_source (1.0.0)
    methodfinder (2.2.5)
    minitest (5.16.3)
    nokogiri (1.13.8-x86_64-linux)
      racc (~> 1.4)
    numerizer (0.1.1)
    object_shadow (1.1.1)
    ori (0.1.0)
    os (1.1.4)
    paint (2.3.0)
    parallel (1.22.1)
    parser (3.1.2.1)
      ast (~> 2.4.1)
    racc (1.6.0)
    rainbow (3.1.1)
    rake (13.0.6)
    regexp_parser (2.6.0)
    reline (0.3.1)
      io-console (~> 0.5)
    rexml (3.2.5)
    rspec (3.11.0)
      rspec-core (~> 3.11.0)
      rspec-expectations (~> 3.11.0)
      rspec-mocks (~> 3.11.0)
    rspec-core (3.11.0)
      rspec-support (~> 3.11.0)
    rspec-expectations (3.11.1)
      diff-lcs (>= 1.2.0, < 2.0)
      rspec-support (~> 3.11.0)
    rspec-mocks (3.11.1)
      diff-lcs (>= 1.2.0, < 2.0)
      rspec-support (~> 3.11.0)
    rspec-support (3.11.1)
    rubocop (1.36.0)
      json (~> 2.3)
      parallel (~> 1.10)
      parser (>= 3.1.2.1)
      rainbow (>= 2.2.2, < 4.0)
      regexp_parser (>= 1.8, < 3.0)
      rexml (>= 3.2.5, < 4.0)
      rubocop-ast (>= 1.20.1, < 2.0)
      ruby-progressbar (~> 1.7)
      unicode-display_width (>= 1.4.0, < 3.0)
    rubocop-ast (1.21.0)
      parser (>= 3.1.1.0)
    rubocop-performance (1.15.0)
      rubocop (>= 1.7.0, < 2.0)
      rubocop-ast (>= 0.4.0)
    ruby-geometry (0.0.6)
      activesupport
      memoist
    ruby-ole (1.2.12.2)
    ruby-progressbar (1.11.0)
    ruby_engine (1.0.1)
    ruby_info (1.0.1)
    ruby_version (1.0.2)
    spoon (0.0.6)
      ffi
    tzinfo (2.0.5)
      concurrent-ruby (~> 1.0)
    unicode-display_width (2.3.0)
    wirb (2.2.2)
      paint (>= 0.9, < 3.0)
    zeitwerk (2.6.1)

PLATFORMS
  x86_64-linux

DEPENDENCIES
  awesome_print
  bundler (>= 1.16)
  byebug
  chem_scanner!
  chronic_duration
  irbtools
  nokogiri
  rake (>= 10.0)
  rdkit_chem!
  rspec (>= 3.0)
  rubocop
  rubocop-performance
  ruby-geometry
  ruby-ole

BUNDLED WITH
   2.3.21
